GEM
  remote: https://rubygems.org/
  specs:
    dotenv (0.9.0)
    mail (2.6.3)
      mime-types (>= 1.16, < 3)
    mime-types (2.99)
    pony (1.11)
      mail (>= 2.0)
    rake (10.1.0)

PLATFORMS
  ruby

DEPENDENCIES
  dotenv
  pony
  rake

BUNDLED WITH
   1.10.6
